GEM
  remote: https://rubygems.org/
  specs:
    facter (2.5.7)
    hiera (1.3.4)
      json_pure
    highline (1.6.21)
    json (1.8.1)
    json_pure (2.5.1)
    librarian (0.1.2)
      highline
      thor (~> 0.15)
    librarian-puppet (0.9.17)
      json
      librarian (>= 0.1.2)
    puppet (3.6.2)
      facter (> 1.6, < 3)
      hiera (~> 1.0)
      json_pure
      rgen (~> 0.6.5)
    rgen (0.6.6)
    thor (0.19.1)

PLATFORMS
  ruby

DEPENDENCIES
  librarian-puppet
  puppet (= 3.6.2)
